GEM
  remote: https://rubygems.org/
  specs:
    ast (2.4.3)
    diff-lcs (1.6.1)
    gelauto (2.2.0)
      gli (~> 2.0)
      parser (~> 3.0)
    gli (2.22.2)
      ostruct
    ostruct (0.6.1)
    parser (3.3.7.4)
      ast (~> 2.4.1)
      racc
    racc (1.8.1)
    rspec (3.13.0)
      rspec-core (~> 3.13.0)
      rspec-expectations (~> 3.13.0)
      rspec-mocks (~> 3.13.0)
    rspec-core (3.13.3)
      rspec-support (~> 3.13.0)
    rspec-expectations (3.13.3)
      diff-lcs (>= 1.2.0, < 2.0)
      rspec-support (~> 3.13.0)
    rspec-mocks (3.13.2)
      diff-lcs (>= 1.2.0, < 2.0)
      rspec-support (~> 3.13.0)
    rspec-support (3.13.2)
    sorbet (0.5.11971)
      sorbet-static (= 0.5.11971)
    sorbet-runtime (0.5.11971)
    sorbet-static (0.5.11971-universal-darwin)
    sorbet-static-and-runtime (0.5.11971)
      sorbet (= 0.5.11971)
      sorbet-runtime (= 0.5.11971)

PLATFORMS
  universal-darwin

DEPENDENCIES
  gelauto
  rspec
  sorbet-static-and-runtime

BUNDLED WITH
   2.5.21
